GEM
  remote: http://rubygems.org/
  specs:
    rack (1.2.1)
    rack-flash (0.1.1)
      rack
    sinatra (1.1.2)
      rack (~> 1.1)
      tilt (~> 1.2)
    tilt (1.3.3)

PLATFORMS
  ruby

DEPENDENCIES
  rack (= 1.2.1)
  rack-flash (= 0.1.1)
  sinatra (= 1.1.2)
